GEM
  remote: https://rubygems.org/
  specs:
    color_text (0.0.3)

PLATFORMS
  x64-mingw32

DEPENDENCIES
  color_text

BUNDLED WITH
   1.17.3
